GEM
  remote: http://rubygems.org/
  specs:
    haml (2.2.23)
    maruku (0.6.0)
      syntax (>= 1.0.0)
    rack (1.4.0)
    sinatra (1.0)
      rack (>= 1.0)
    syntax (1.0.0)

PLATFORMS
  ruby

DEPENDENCIES
  haml (= 2.2.23)
  maruku (= 0.6)
  sinatra (= 1.0)
